GIT
  remote: https://github.com/PopulateTools/gobierto_budgets_data.git
  revision: 270a290258a35354cd69423dafe3bba3dc3a5d3e
  specs:
    gobierto_budgets_data (0.1.0)
      actionpack
      activesupport
      aws-sdk-s3
      elasticsearch (~> 6.0, >= 6.0.2)
      elasticsearch-extensions (~> 0.0.27)
      ine-places (~> 0.3.0)
      oj (~> 3.6)
      rake (~> 13.0)

GIT
  remote: https://github.com/PopulateTools/ruby_px.git
  revision: ce53d663dcd6b9b954ea15663954b092bfa58438
  branch: avoid_wrong_data_key_errors
  specs:
    ruby_px (0.7.0)
      activesupport (>= 6.0)

GEM
  remote: https://rubygems.org/
  specs:
    actionpack (7.1.2)
      actionview (= 7.1.2)
      activesupport (= 7.1.2)
      nokogiri (>= 1.8.5)
      racc
      rack (>= 2.2.4)
      rack-session (>= 1.0.1)
      rack-test (>= 0.6.3)
      rails-dom-testing (~> 2.2)
      rails-html-sanitizer (~> 1.6)
    actionview (7.1.2)
      activesupport (= 7.1.2)
      builder (~> 3.1)
      erubi (~> 1.11)
      rails-dom-testing (~> 2.2)
      rails-html-sanitizer (~> 1.6)
    activesupport (7.1.2)
      base64
      bigdecimal
      concurrent-ruby (~> 1.0, >= 1.0.2)
      connection_pool (>= 2.2.5)
      drb
      i18n (>= 1.6, < 2)
      minitest (>= 5.1)
      mutex_m
      tzinfo (~> 2.0)
    ansi (1.5.0)
    ast (2.4.2)
    aws-eventstream (1.3.0)
    aws-partitions (1.865.0)
    aws-sdk-core (3.190.0)
      aws-eventstream (~> 1, >= 1.3.0)
      aws-partitions (~> 1, >= 1.651.0)
      aws-sigv4 (~> 1.8)
      jmespath (~> 1, >= 1.6.1)
    aws-sdk-kms (1.74.0)
      aws-sdk-core (~> 3, >= 3.188.0)
      aws-sigv4 (~> 1.1)
    aws-sdk-s3 (1.141.0)
      aws-sdk-core (~> 3, >= 3.189.0)
      aws-sdk-kms (~> 1)
      aws-sigv4 (~> 1.8)
    aws-sigv4 (1.8.0)
      aws-eventstream (~> 1, >= 1.0.2)
    base64 (0.2.0)
    bigdecimal (3.1.5)
    builder (3.2.4)
    byebug (11.1.3)
    concurrent-ruby (1.2.2)
    connection_pool (2.4.1)
    crass (1.0.6)
    drb (2.2.0)
      ruby2_keywords
    elasticsearch (6.8.3)
      elasticsearch-api (= 6.8.3)
      elasticsearch-transport (= 6.8.3)
    elasticsearch-api (6.8.3)
      multi_json
    elasticsearch-extensions (0.0.33)
      ansi
      elasticsearch
    elasticsearch-transport (6.8.3)
      faraday (~> 1)
      multi_json
    erubi (1.12.0)
    faraday (1.10.3)
      faraday-em_http (~> 1.0)
      faraday-em_synchrony (~> 1.0)
      faraday-excon (~> 1.1)
      faraday-httpclient (~> 1.0)
      faraday-multipart (~> 1.0)
      faraday-net_http (~> 1.0)
      faraday-net_http_persistent (~> 1.0)
      faraday-patron (~> 1.0)
      faraday-rack (~> 1.0)
      faraday-retry (~> 1.0)
      ruby2_keywords (>= 0.0.4)
    faraday-em_http (1.0.0)
    faraday-em_synchrony (1.0.0)
    faraday-excon (1.1.0)
    faraday-httpclient (1.0.1)
    faraday-multipart (1.0.4)
      multipart-post (~> 2)
    faraday-net_http (1.0.1)
    faraday-net_http_persistent (1.2.0)
    faraday-patron (1.0.0)
    faraday-rack (1.0.0)
    faraday-retry (1.0.3)
    ffi (1.16.3)
    hashie (3.6.0)
    http2 (0.0.36)
      string-cases (~> 0)
    i18n (1.14.1)
      concurrent-ruby (~> 1.0)
    ine-places (0.3.0)
      activesupport (>= 4.2)
    jmespath (1.6.2)
    json (2.7.1)
    language_server-protocol (3.17.0.3)
    loofah (2.22.0)
      crass (~> 1.0.2)
      nokogiri (>= 1.12.0)
    minitest (5.20.0)
    multi_json (1.15.0)
    multipart-post (2.0.0)
    mutex_m (0.2.0)
    nokogiri (1.15.5-arm64-darwin)
      racc (~> 1.4)
    nokogiri (1.15.5-x86_64-linux)
      racc (~> 1.4)
    oj (3.16.3)
      bigdecimal (>= 3.0)
    parallel (1.23.0)
    parser (3.2.2.4)
      ast (~> 2.4.1)
      racc
    racc (1.7.3)
    rack (3.0.8)
    rack-session (2.0.0)
      rack (>= 3.0.0)
    rack-test (2.1.0)
      rack (>= 1.3)
    rails-dom-testing (2.2.0)
      activesupport (>= 5.0.0)
      minitest
      nokogiri (>= 1.6)
    rails-html-sanitizer (1.6.0)
      loofah (~> 2.21)
      nokogiri (~> 1.14)
    rainbow (3.1.1)
    rake (13.1.0)
    rb-readline (0.5.5)
    regexp_parser (2.8.3)
    rexml (3.2.6)
    rubocop (1.59.0)
      json (~> 2.3)
      language_server-protocol (>= 3.17.0)
      parallel (~> 1.10)
      parser (>= 3.2.2.4)
      rainbow (>= 2.2.2, < 4.0)
      regexp_parser (>= 1.8, < 3.0)
      rexml (>= 3.2.5, < 4.0)
      rubocop-ast (>= 1.30.0, < 2.0)
      ruby-progressbar (~> 1.7)
      unicode-display_width (>= 2.4.0, < 3.0)
    rubocop-ast (1.30.0)
      parser (>= 3.2.1.0)
    ruby-progressbar (1.13.0)
    ruby2_keywords (0.0.5)
    soda-ruby (0.2.25)
      hashie (~> 3.5)
      multipart-post (~> 2.0.0)
      sys-uname (~> 1.0.2)
    string-cases (0.0.4)
    sys-uname (1.0.4)
      ffi (>= 1.0.0)
    tzinfo (2.0.6)
      concurrent-ruby (~> 1.0)
    unicode-display_width (2.5.0)

PLATFORMS
  arm64-darwin-21
  x86_64-linux

DEPENDENCIES
  aws-sdk-s3
  byebug
  gobierto_budgets_data!
  http2
  ine-places
  json
  nokogiri
  rake
  rb-readline
  rubocop
  ruby_px!
  soda-ruby (~> 0.2.24)

BUNDLED WITH
   2.4.10
