GIT
  remote: https://github.com/PopulateTools/gobierto_budgets_data.git
  revision: cbf2fbe80d466ced47cf4ae7f7362f4c31d9d7c9
  specs:
    gobierto_budgets_data (0.1.0)
      actionpack
      activesupport
      aws-sdk-s3
      elasticsearch (~> 7.17.10)
      ine-places (~> 0.3.0)
      oj (~> 3.6)
      rake (~> 13.0)

GIT
  remote: https://github.com/PopulateTools/ruby_px.git
  revision: 517b8e3240c2e346a087411940c22aa0e33f5b48
  specs:
    ruby_px (0.8.0)
      activesupport (>= 6.0)

GEM
  remote: https://rubygems.org/
  specs:
    actionpack (7.1.3.4)
      actionview (= 7.1.3.4)
      activesupport (= 7.1.3.4)
      nokogiri (>= 1.8.5)
      racc
      rack (>= 2.2.4)
      rack-session (>= 1.0.1)
      rack-test (>= 0.6.3)
      rails-dom-testing (~> 2.2)
      rails-html-sanitizer (~> 1.6)
    actionview (7.1.3.4)
      activesupport (= 7.1.3.4)
      builder (~> 3.1)
      erubi (~> 1.11)
      rails-dom-testing (~> 2.2)
      rails-html-sanitizer (~> 1.6)
    activesupport (7.1.3.4)
      base64
      bigdecimal
      concurrent-ruby (~> 1.0, >= 1.0.2)
      connection_pool (>= 2.2.5)
      drb
      i18n (>= 1.6, < 2)
      minitest (>= 5.1)
      mutex_m
      tzinfo (~> 2.0)
    ast (2.4.2)
    aws-eventstream (1.3.0)
    aws-partitions (1.944.0)
    aws-sdk-core (3.197.0)
      aws-eventstream (~> 1, >= 1.3.0)
      aws-partitions (~> 1, >= 1.651.0)
      aws-sigv4 (~> 1.8)
      jmespath (~> 1, >= 1.6.1)
    aws-sdk-kms (1.84.0)
      aws-sdk-core (~> 3, >= 3.197.0)
      aws-sigv4 (~> 1.1)
    aws-sdk-s3 (1.152.3)
      aws-sdk-core (~> 3, >= 3.197.0)
      aws-sdk-kms (~> 1)
      aws-sigv4 (~> 1.8)
    aws-sigv4 (1.8.0)
      aws-eventstream (~> 1, >= 1.0.2)
    base64 (0.2.0)
    bigdecimal (3.1.8)
    builder (3.3.0)
    byebug (11.1.3)
    concurrent-ruby (1.3.3)
    connection_pool (2.4.1)
    crass (1.0.6)
    drb (2.2.1)
    elasticsearch (7.17.11)
      elasticsearch-api (= 7.17.11)
      elasticsearch-transport (= 7.17.11)
    elasticsearch-api (7.17.11)
      multi_json
    elasticsearch-transport (7.17.11)
      base64
      faraday (>= 1, < 3)
      multi_json
    erubi (1.13.0)
    faraday (2.9.2)
      faraday-net_http (>= 2.0, < 3.2)
    faraday-net_http (3.1.0)
      net-http
    http2 (0.0.36)
      string-cases (~> 0)
    i18n (1.14.5)
      concurrent-ruby (~> 1.0)
    ine-places (0.3.0)
      activesupport (>= 4.2)
    jmespath (1.6.2)
    json (2.7.2)
    language_server-protocol (3.17.0.3)
    loofah (2.22.0)
      crass (~> 1.0.2)
      nokogiri (>= 1.12.0)
    minitest (5.23.1)
    multi_json (1.15.0)
    mutex_m (0.2.0)
    net-http (0.4.1)
      uri
    nokogiri (1.16.6-arm64-darwin)
      racc (~> 1.4)
    nokogiri (1.16.6-x86_64-linux)
      racc (~> 1.4)
    oj (3.16.4)
      bigdecimal (>= 3.0)
    parallel (1.25.1)
    parser (3.3.3.0)
      ast (~> 2.4.1)
      racc
    racc (1.8.0)
    rack (3.1.4)
    rack-session (2.0.0)
      rack (>= 3.0.0)
    rack-test (2.1.0)
      rack (>= 1.3)
    rails-dom-testing (2.2.0)
      activesupport (>= 5.0.0)
      minitest
      nokogiri (>= 1.6)
    rails-html-sanitizer (1.6.0)
      loofah (~> 2.21)
      nokogiri (~> 1.14)
    rainbow (3.1.1)
    rake (13.2.1)
    rb-readline (0.5.5)
    regexp_parser (2.9.2)
    rexml (3.3.0)
      strscan
    rubocop (1.64.1)
      json (~> 2.3)
      language_server-protocol (>= 3.17.0)
      parallel (~> 1.10)
      parser (>= 3.3.0.2)
      rainbow (>= 2.2.2, < 4.0)
      regexp_parser (>= 1.8, < 3.0)
      rexml (>= 3.2.5, < 4.0)
      rubocop-ast (>= 1.31.1, < 2.0)
      ruby-progressbar (~> 1.7)
      unicode-display_width (>= 2.4.0, < 3.0)
    rubocop-ast (1.31.3)
      parser (>= 3.3.1.0)
    ruby-progressbar (1.13.0)
    string-cases (0.0.4)
    strscan (3.1.0)
    tzinfo (2.0.6)
      concurrent-ruby (~> 1.0)
    unicode-display_width (2.5.0)
    uri (0.13.0)

PLATFORMS
  arm64-darwin-21
  arm64-darwin-23
  x86_64-linux

DEPENDENCIES
  aws-sdk-s3
  byebug
  gobierto_budgets_data!
  http2
  ine-places
  json
  nokogiri
  rake
  rb-readline
  rubocop
  ruby_px!

BUNDLED WITH
   2.4.10
